GEM
  remote: https://rubygems.org/
  specs:
    mini_portile2 (2.8.0)
    nokogiri (1.13.4)
      mini_portile2 (~> 2.8.0)
      racc (~> 1.4)
    nokogiri (1.13.4-x86_64-linux)
      racc (~> 1.4)
    racc (1.6.0)

PLATFORMS
  ruby
  x86_64-linux

DEPENDENCIES
  nokogiri (>= 1.12.5)

BUNDLED WITH
   2.2.5
