GEM
  remote: https://rubygems.org/
  specs:
    mini_portile2 (2.5.1)
    nokogiri (1.11.4)
      mini_portile2 (~> 2.5.0)
      racc (~> 1.4)
    nokogiri (1.11.4-x86_64-linux)
      racc (~> 1.4)
    racc (1.5.2)

PLATFORMS
  ruby
  x86_64-linux

DEPENDENCIES
  nokogiri

BUNDLED WITH
   2.2.5
